GEM
  remote: http://rubygems.org/
  specs:
    barby (0.5.1)
    columnize (0.3.6)
    confstruct (0.2.5)
    debugger (1.6.0)
      columnize (>= 0.3.1)
      debugger-linecache (~> 1.2.0)
      debugger-ruby_core_source (~> 1.2.1)
    debugger-linecache (1.2.0)
    debugger-ruby_core_source (1.2.3)
    faraday (0.8.7)
      multipart-post (~> 1.1)
    httparty (0.21.0)
      mini_mime (>= 1.0.0)
      multi_xml (>= 0.5.2)
    libdevinput (0.0.1)
    mini_mime (1.1.2)
    multi_json (1.15.0)
    multi_xml (0.6.0)
    multipart-post (1.2.0)
    simple_oauth (0.2.0)
    twitter (4.8.1)
      faraday (~> 0.8, < 0.10)
      multi_json (~> 1.0)
      simple_oauth (~> 0.2)

PLATFORMS
  ruby

DEPENDENCIES
  barby
  bundler (>= 1.2.0)
  confstruct
  debugger
  httparty
  libdevinput
  twitter
